GEM
  remote: https://rubygems.org/
  specs:
    cinch (2.2.4)
    cinch-identify (1.6.0)
      cinch (~> 2.0)
    cinch-lmgtfy (0.0.2)
      cinch
      curb
      json
    cinch_hangman (0.0.7)
      cinch
    configatron (4.5.0)
    curb (0.8.6)
    json (1.8.2)
    rake (10.4.2)

PLATFORMS
  ruby

DEPENDENCIES
  cinch
  cinch-identify
  cinch-lmgtfy
  cinch_hangman
  configatron
  curb
  json
  rake
